GEM
  remote: https://rubygems.org/
  specs:
    activesupport (4.2.11.3)
      i18n (~> 0.7)
      minitest (~> 5.1)
      thread_safe (~> 0.3, >= 0.3.4)
      tzinfo (~> 1.1)
    addressable (2.4.0)
    ast (2.4.0)
    backports (3.17.2)
    celluloid (0.16.0)
      timers (~> 4.0.0)
    colorator (0.1)
    colored (1.2)
    concurrent-ruby (1.1.6)
    ethon (0.12.0)
      ffi (>= 1.3.0)
    faraday (1.0.1)
      multipart-post (>= 1.2, < 3)
    fast-stemmer (1.0.2)
    ffi (1.12.2)
    fontcustom (1.3.8)
      json (~> 1.4)
      listen (>= 1.0, < 3.0)
      thor (~> 0.14)
    hitimes (2.0.0)
    html-proofer (3.0.6)
      activesupport (~> 4.2)
      addressable (~> 2.3)
      colored (~> 1.2)
      mercenary (~> 0.3.2)
      nokogiri (~> 1.5)
      parallel (~> 1.3)
      typhoeus (~> 0.7)
      yell (~> 2.0)
    i18n (0.9.5)
      concurrent-ruby (~> 1.0)
    jaro_winkler (1.5.4)
    jekyll (3.1.6)
      colorator (~> 0.1)
      jekyll-sass-converter (~> 1.0)
      jekyll-watch (~> 1.1)
      kramdown (~> 1.3)
      liquid (~> 3.0)
      mercenary (~> 0.3.3)
      rouge (~> 1.7)
      safe_yaml (~> 1.0)
    jekyll-feed (0.6.0)
    jekyll-gist (1.5.0)
      octokit (~> 4.2)
    jekyll-paginate (1.1.0)
    jekyll-plantuml (1.3.1)
      jekyll (> 2.0)
    jekyll-related-posts (0.1.1)
      fast-stemmer (~> 1.0)
      jekyll (~> 3.0)
      liquid (~> 3.0)
      nmatrix (~> 0.2)
      nmatrix-lapacke (~> 0.2)
      pqueue (~> 2.1)
      stopwords-filter (~> 0.3)
      tokenizer (~> 0.1)
    jekyll-sass (1.2.2)
      colorator (~> 0.1)
      jekyll (>= 0.10.0)
      sass (>= 3.0.0)
    jekyll-sass-converter (1.5.2)
      sass (~> 3.4)
    jekyll-sitemap (0.11.0)
      addressable (~> 2.4.0)
    jekyll-watch (1.2.1)
      listen (~> 2.7)
    jgd (1.6.5)
      jekyll (>= 1.5.1)
      trollop (= 2.1.2)
    jslint (1.2.0)
      json
    json (1.8.6)
    kramdown (1.17.0)
    liquid (3.0.6)
    listen (2.10.1)
      celluloid (~> 0.16.0)
      rb-fsevent (>= 0.9.3)
      rb-inotify (>= 0.9)
    mail (2.6.4)
      mime-types (>= 1.16, < 4)
    mercenary (0.3.6)
    mime-types (3.3.1)
      mime-types-data (~> 3.2015)
    mime-types-data (3.2020.0512)
    mini_portile2 (2.4.0)
    minitest (5.14.1)
    multi_json (1.14.1)
    multipart-post (2.1.1)
    nmatrix (0.2.4)
      packable (~> 1.3, >= 1.3.5)
    nmatrix-lapacke (0.2.4)
      nmatrix (= 0.2.4)
    nokogiri (1.10.8)
      mini_portile2 (~> 2.4.0)
    nuggets (1.5.0)
    octokit (4.18.0)
      faraday (>= 0.9)
      sawyer (~> 0.8.0, >= 0.5.3)
    packable (1.3.13)
      backports
    parallel (1.19.1)
    parser (2.7.1.3)
      ast (~> 2.4.0)
    powerpack (0.1.2)
    pqueue (2.1.0)
    pygments.rb (1.2.1)
      multi_json (>= 1.0.0)
    rainbow (2.2.2)
      rake
    rake (12.3.2)
    rb-fsevent (0.10.4)
    rb-inotify (0.10.1)
      ffi (~> 1.0)
    redcarpet (3.3.4)
    rouge (1.11.1)
    rubocop (0.62.0)
      jaro_winkler (~> 1.5.1)
      parallel (~> 1.10)
      parser (>= 2.5, != 2.5.1.1)
      powerpack (~> 0.1)
      rainbow (>= 2.2.2, < 4.0)
      ruby-progressbar (~> 1.7)
      unicode-display_width (~> 1.4.0)
    rubocop-rspec (1.31.0)
      rubocop (>= 0.60.0)
    ruby-progressbar (1.10.1)
    safe_yaml (1.0.5)
    sass (3.4.22)
    sawyer (0.8.2)
      addressable (>= 2.3.5)
      faraday (> 0.8, < 2.0)
    scss_lint (0.38.0)
      rainbow (~> 2.0)
      sass (~> 3.4.1)
    stopwords-filter (0.4.1)
    thor (0.20.0)
    thread_safe (0.3.6)
    timers (4.0.4)
      hitimes
    tokenizer (0.3.0)
    trollop (2.1.2)
    typhoeus (0.8.0)
      ethon (>= 0.8.0)
    tzinfo (1.2.7)
      thread_safe (~> 0.1)
    unicode-display_width (1.4.1)
    uuidtools (2.1.5)
    w3c_validators (1.2)
      json
      nokogiri
    yell (2.2.2)

PLATFORMS
  ruby

DEPENDENCIES
  fontcustom (= 1.3.8)
  html-proofer (= 3.0.6)
  jekyll (= 3.1.6)
  jekyll-feed (= 0.6.0)
  jekyll-gist (> 1.4.0)
  jekyll-paginate (= 1.1.0)
  jekyll-plantuml (= 1.3.1)
  jekyll-related-posts (= 0.1.1)
  jekyll-sass (= 1.2.2)
  jekyll-sass-converter (= 1.5.2)
  jekyll-sitemap (= 0.11.0)
  jgd (= 1.6.5)
  jslint
  mail (= 2.6.4)
  nokogiri (= 1.10.8)
  nuggets (= 1.5.0)
  pygments.rb (= 1.2.1)
  rake (= 12.3.2)
  redcarpet (= 3.3.4)
  rubocop (= 0.62)
  rubocop-rspec (= 1.31.0)
  sass (= 3.4.22)
  scss_lint (= 0.38.0)
  thor (= 0.20.0)
  trollop (= 2.1.2)
  uuidtools (= 2.1.5)
  w3c_validators (= 1.2)

RUBY VERSION
   ruby 2.3.1p112

BUNDLED WITH
   2.1.4
